GEM
  remote: https://www.rubygems.org/
  specs:
    backports (3.3.5)
    descendants_tracker (0.0.3)
    jbundler (0.5.3)
      bundler (~> 1.2)
      ruby-maven (>= 3.1.0.0.1, < 3.1.1)
    maven-tools (0.34.1)
      virtus (~> 0.5)
    multi_json (1.8.2)
    rack (1.5.2)
    rack-protection (1.5.1)
      rack
    rack-test (0.6.2)
      rack (>= 1.0)
    rake (10.1.0)
    ruby-maven (3.1.0.0.1)
      maven-tools (~> 0.33)
      ruby-maven-libs (= 3.1.0)
    ruby-maven-libs (3.1.0)
    rubyzip (1.1.0)
    sinatra (1.4.4)
      rack (~> 1.4)
      rack-protection (~> 1.4)
      tilt (~> 1.3, >= 1.3.4)
    sinatra-contrib (1.4.2)
      backports (>= 2.0)
      multi_json
      rack-protection
      rack-test
      sinatra (~> 1.4.0)
      tilt (~> 1.3)
    tilt (1.4.1)
    virtus (0.5.5)
      backports (~> 3.3)
      descendants_tracker (~> 0.0.1)

PLATFORMS
  java

DEPENDENCIES
  jbundler (~> 0.5.3)
  rake (~> 10.1.0)
  rubyzip (~> 1.1.0)
  sinatra (~> 1.4.4)
  sinatra-contrib (~> 1.4.2)
